PATH
  remote: .
  specs:
    protoc-grpc-gateway-plugins (1.14.5.pre)
      os (~> 1.1)
      protoc-grpc-gateway-options (= 1.14.5.pre)

GEM
  remote: https://rubygems.org/
  specs:
    ae (1.8.2)
      ansi
    ansi (1.5.0)
    ast (2.4.0)
    docile (1.3.2)
    grpc-tools (1.28.0)
    hashie (4.1.0)
    minitar (0.8)
    minitar-cli (0.8)
      minitar (~> 0.8.0)
      powerbar (~> 1.0)
    minitest (5.14.0)
    os (1.1.0)
    parallel (1.19.1)
    parser (2.7.1.2)
      ast (~> 2.4.0)
    powerbar (1.0.18)
      hashie (>= 1.1.0)
    protoc-grpc-gateway-options (1.14.5.pre)
      os (~> 1.1)
    protoc-tools (3.11.4.pre)
      docile (~> 1.3)
      os (~> 1.1)
    rainbow (3.0.0)
    rexml (3.2.4)
    rubocop (0.83.0)
      parallel (~> 1.10)
      parser (>= 2.7.0.1)
      rainbow (>= 2.2.2, < 4.0)
      rexml
      ruby-progressbar (~> 1.7)
      unicode-display_width (>= 1.4.0, < 2.0)
    ruby-progressbar (1.10.1)
    unicode-display_width (1.7.0)
    zlib (1.1.0)

PLATFORMS
  ruby

DEPENDENCIES
  ae (~> 1.8)
  grpc-tools (= 1.28.0)
  minitar (~> 0.8)
  minitar-cli (~> 0.8)
  minitest (~> 5.14)
  protoc-grpc-gateway-plugins!
  protoc-tools (= 3.11.4.pre)
  rubocop (~> 0.82)
  zlib (~> 1.1)

BUNDLED WITH
   2.1.4
