PATH
  remote: .
  specs:
    foo_service (1.0.0)

GEM
  remote: https://rubygems.org/
  specs:
    docile (1.3.2)
    grpc-tools (1.28.0)
    os (1.1.0)
    protoc-grpc-gateway-options (1.14.5.pre)
      os (~> 1.1)
    protoc-grpc-gateway-plugins (1.14.5.pre)
      os (~> 1.1)
      protoc-grpc-gateway-options (= 1.14.5.pre)
    protoc-tools (3.11.4.pre)
      docile (~> 1.3)
      os (~> 1.1)
    rake (13.0.1)

PLATFORMS
  ruby

DEPENDENCIES
  foo_service!
  grpc-tools (= 1.28.0)
  protoc-grpc-gateway-plugins (= 1.14.5.pre)
  protoc-tools (= 3.11.4.pre)
  rake (~> 13.0)

BUNDLED WITH
   2.1.4
