PATH
  remote: .
  specs:
    protoc-tools (3.11.4.pre)
      docile (~> 1.3)
      os (~> 1.1)

GEM
  remote: https://rubygems.org/
  specs:
    ae (1.8.2)
      ansi
    ansi (1.5.0)
    archive-zip (0.12.0)
      io-like (~> 0.3.0)
    ast (2.4.0)
    docile (1.3.2)
    io-like (0.3.1)
    minitest (5.14.0)
    os (1.1.0)
    parallel (1.19.1)
    parser (2.7.1.2)
      ast (~> 2.4.0)
    rainbow (3.0.0)
    rake (13.0.1)
    rexml (3.2.5)
    rubocop (0.83.0)
      parallel (~> 1.10)
      parser (>= 2.7.0.1)
      rainbow (>= 2.2.2, < 4.0)
      rexml
      ruby-progressbar (~> 1.7)
      unicode-display_width (>= 1.4.0, < 2.0)
    ruby-progressbar (1.10.1)
    unicode-display_width (1.7.0)

PLATFORMS
  ruby

DEPENDENCIES
  ae (~> 1.8)
  archive-zip (~> 0.12)
  minitest (~> 5.14)
  protoc-tools!
  rake (~> 13.0)
  rubocop (~> 0.82)

BUNDLED WITH
   2.1.4
