PATH
  remote: .
  specs:
    protoc-grpc-gateway-options (1.14.4.pre)
      os (~> 1.1)

GEM
  remote: https://rubygems.org/
  specs:
    ast (2.4.0)
    grpc-tools (1.28.0)
    hashie (4.1.0)
    jaro_winkler (1.5.4)
    minitar (0.8)
    minitar-cli (0.8)
      minitar (~> 0.8.0)
      powerbar (~> 1.0)
    os (1.1.0)
    parallel (1.19.1)
    parser (2.7.1.2)
      ast (~> 2.4.0)
    powerbar (1.0.18)
      hashie (>= 1.1.0)
    rainbow (3.0.0)
    rexml (3.2.4)
    rubocop (0.82.0)
      jaro_winkler (~> 1.5.1)
      parallel (~> 1.10)
      parser (>= 2.7.0.1)
      rainbow (>= 2.2.2, < 4.0)
      rexml
      ruby-progressbar (~> 1.7)
      unicode-display_width (>= 1.4.0, < 2.0)
    ruby-progressbar (1.10.1)
    unicode-display_width (1.7.0)
    zlib (1.1.0)

PLATFORMS
  ruby

DEPENDENCIES
  grpc-tools (= 1.28.0)
  minitar (~> 0.8)
  minitar-cli (~> 0.8)
  protoc-grpc-gateway-options!
  rubocop (~> 0.82)
  zlib (~> 1.1)

BUNDLED WITH
   2.1.4
